GEM
  remote: https://rubygems.org/
  specs:
    activesupport (6.0.3.4)
      concurrent-ruby (~> 1.0, >= 1.0.2)
      i18n (>= 0.7, < 2)
      minitest (~> 5.1)
      tzinfo (~> 1.1)
      zeitwerk (~> 2.2, >= 2.2.2)
    ast (2.4.1)
    concurrent-ruby (1.1.7)
    database_cleaner (1.8.5)
    database_cleaner-sequel (1.8.0)
      database_cleaner (~> 1.8.0)
      sequel
    diff-lcs (1.4.4)
    factory_bot (6.1.0)
      activesupport (>= 5.0.0)
    graphql (1.11.6)
    i18n (1.8.5)
      concurrent-ruby (~> 1.0)
    minitest (5.14.2)
    parallel (1.20.0)
    parser (2.7.2.0)
      ast (~> 2.4.1)
    pg (1.2.3)
    rainbow (3.0.0)
    regexp_parser (1.8.2)
    rexml (3.2.4)
    rspec (3.10.0)
      rspec-core (~> 3.10.0)
      rspec-expectations (~> 3.10.0)
      rspec-mocks (~> 3.10.0)
    rspec-core (3.10.0)
      rspec-support (~> 3.10.0)
    rspec-expectations (3.10.0)
      diff-lcs (>= 1.2.0, < 2.0)
      rspec-support (~> 3.10.0)
    rspec-mocks (3.10.0)
      diff-lcs (>= 1.2.0, < 2.0)
      rspec-support (~> 3.10.0)
    rspec-support (3.10.0)
    rubocop (1.3.1)
      parallel (~> 1.10)
      parser (>= 2.7.1.5)
      rainbow (>= 2.2.2, < 4.0)
      regexp_parser (>= 1.8)
      rexml
      rubocop-ast (>= 1.1.1)
      ruby-progressbar (~> 1.7)
      unicode-display_width (>= 1.4.0, < 2.0)
    rubocop-ast (1.1.1)
      parser (>= 2.7.1.5)
    rubocop-rspec (2.0.0)
      rubocop (~> 1.0)
      rubocop-ast (>= 1.1.0)
    ruby-progressbar (1.10.1)
    sequel (5.38.0)
    thread_safe (0.3.6)
    tzinfo (1.2.8)
      thread_safe (~> 0.1)
    unicode-display_width (1.7.0)
    zeitwerk (2.4.1)

PLATFORMS
  ruby

DEPENDENCIES
  database_cleaner-sequel
  factory_bot
  graphql
  pg
  rspec
  rubocop
  rubocop-rspec
  sequel

BUNDLED WITH
   2.1.4
